PATH
  remote: .
  specs:
    taptag (0.1.0)
      ffi (~> 1.13.1)
      openssl (~> 2.1.2)

GEM
  remote: https://rubygems.org/
  specs:
    coderay (1.1.3)
    diff-lcs (1.4.4)
    docile (1.3.2)
    ffi (1.13.1)
    ipaddr (1.2.2)
    method_source (1.0.0)
    openssl (2.1.2)
      ipaddr
    pry (0.13.1)
      coderay (~> 1.1)
      method_source (~> 1.0)
    rake (12.3.3)
    rspec (3.9.0)
      rspec-core (~> 3.9.0)
      rspec-expectations (~> 3.9.0)
      rspec-mocks (~> 3.9.0)
    rspec-core (3.9.2)
      rspec-support (~> 3.9.3)
    rspec-expectations (3.9.2)
      diff-lcs (>= 1.2.0, < 2.0)
      rspec-support (~> 3.9.0)
    rspec-mocks (3.9.1)
      diff-lcs (>= 1.2.0, < 2.0)
      rspec-support (~> 3.9.0)
    rspec-support (3.9.3)
    simplecov (0.19.0)
      docile (~> 1.1)
      simplecov-html (~> 0.11)
    simplecov-html (0.12.2)

PLATFORMS
  ruby

DEPENDENCIES
  pry (~> 0.13.1)
  rake (~> 12.0)
  rspec (~> 3.0)
  simplecov (~> 0.19.0)
  taptag!

BUNDLED WITH
   2.1.4
